GEM
  remote: http://rubygems.org/
  specs:
    addressable (2.3.2)
    builder (3.1.3)
    coffee-script (2.2.0)
      coffee-script-source
      execjs
    coffee-script-source (1.3.3)
    colored (1.2)
    cri (2.3.0)
      colored (>= 1.2)
    em-websocket (0.3.8)
      addressable (>= 2.1.1)
      eventmachine (>= 0.12.9)
    eventmachine (1.0.0)
    execjs (1.4.0)
      multi_json (~> 1.0)
    guard (1.3.3)
      listen (>= 0.4.2)
      thor (>= 0.14.6)
    guard-bundler (1.0.0)
      bundler (~> 1.0)
      guard (~> 1.1)
    guard-coffeescript (1.2.0)
      coffee-script (>= 2.2.0)
      guard (>= 1.1.0)
    guard-livereload (1.0.1)
      em-websocket (>= 0.2.0)
      guard (>= 1.1.0)
      multi_json (~> 1.0)
    guard-nanoc (0.1.0)
      guard (>= 0.2.1)
      nanoc (>= 3.1.5)
    haml (3.1.7)
    json (1.7.5)
    listen (0.5.2)
    mime-types (1.19)
    multi_json (1.3.6)
    nanoc (3.4.1)
      cri (~> 2.2)
    nokogiri (1.5.5)
    rack (1.4.1)
    rainpress (1.0)
    rake (0.9.2.2)
    rb-fsevent (0.9.2)
    rubypants (0.2.0)
    sass (3.2.1)
    systemu (2.5.2)
    thor (0.16.0)
    w3c_validators (1.2)
      json
      nokogiri

PLATFORMS
  ruby

DEPENDENCIES
  builder
  guard
  guard-bundler
  guard-coffeescript
  guard-livereload
  guard-nanoc
  haml
  mime-types
  rack
  rainpress
  rake
  rb-fsevent
  rubypants
  sass
  systemu
  w3c_validators
